GIT
  remote: git://github.com/Vizzuality/refinerycms-blog.git
  revision: 52f741bbc4b96e1229246ca6f9b18862ed713090
  specs:
    refinerycms-blog (1.0.rc13)
      filters_spam (~> 0.2)
      refinerycms (>= 0.9.7.13)

GIT
  remote: git://github.com/Vizzuality/refinerycms-events.git
  revision: e076f646d5b8a671d03bd0ab6895694c62eb9030
  specs:
    refinerycms-events (0.1)

GIT
  remote: git://github.com/Vizzuality/refinerycms-features.git
  revision: 9866206bfb8241d71cfbd3b9419ebf27867c5089
  specs:
    refinerycms-features (0.2)

GIT
  remote: git://github.com/Vizzuality/refinerycms-galleries.git
  revision: ba04f6c6eb841173a4b0a5b1c5f3d695846f4c5a
  specs:
    refinerycms-galleries (0.4)

GIT
  remote: git://github.com/ferblape/postgis_adapter.git
  revision: e85ca1be881e2df4396da5c4482337ab05f6a85d
  specs:
    ppe-postgis-adapter (0.7.8)

GEM
  remote: http://rubygems.org/
  specs:
    abstract (1.0.0)
    actionmailer (3.0.4)
      actionpack (= 3.0.4)
      mail (~> 2.2.15)
    actionpack (3.0.4)
      activemodel (= 3.0.4)
      activesupport (= 3.0.4)
      builder (~> 2.1.2)
      erubis (~> 2.6.6)
      i18n (~> 0.4)
      rack (~> 1.2.1)
      rack-mount (~> 0.6.13)
      rack-test (~> 0.5.7)
      tzinfo (~> 0.3.23)
    activemodel (3.0.4)
      activesupport (= 3.0.4)
      builder (~> 2.1.2)
      i18n (~> 0.4)
    activerecord (3.0.4)
      activemodel (= 3.0.4)
      activesupport (= 3.0.4)
      arel (~> 2.0.2)
      tzinfo (~> 0.3.23)
    activeresource (3.0.4)
      activemodel (= 3.0.4)
      activesupport (= 3.0.4)
    activesupport (3.0.4)
    acts_as_indexed (0.7.0)
    alchemist (0.1.2.1)
    arel (2.0.8)
    babosa (0.2.2)
    bcrypt-ruby (2.1.4)
    builder (2.1.2)
    capistrano (2.5.19)
      highline
      net-scp (>= 1.0.0)
      net-sftp (>= 2.0.0)
      net-ssh (>= 2.0.14)
      net-ssh-gateway (>= 1.0.0)
    capistrano-ext (1.2.1)
      capistrano (>= 1.0.0)
    columnize (0.3.2)
    csv-mapper (0.5.1)
      fastercsv
    devise (1.1.7)
      bcrypt-ruby (~> 2.1.2)
      warden (~> 1.0.2)
    dragonfly (0.8.2)
      rack
    erubis (2.6.6)
      abstract (>= 1.0.0)
    fastercsv (1.5.4)
    filters_spam (0.3)
    friendly_id_globalize3 (3.2.1)
      babosa (~> 0.2.1)
    globalize3 (0.1.0.beta)
      activemodel (>= 3.0.0)
      activerecord (>= 3.0.0)
    highline (1.6.1)
    i18n (0.5.0)
    json (1.5.1)
    json_pure (1.5.1)
    kaminari (0.10.2)
      rails (>= 3.0.0)
    linecache (0.43)
    mail (2.2.15)
      activesupport (>= 2.3.6)
      i18n (>= 0.4.0)
      mime-types (~> 1.16)
      treetop (~> 1.4.8)
    mime-types (1.16)
    moretea-awesome_nested_set (1.4.3.1)
      activerecord (~> 3.0.0)
    net-scp (1.0.4)
      net-ssh (>= 1.99.1)
    net-sftp (2.0.5)
      net-ssh (>= 2.0.9)
    net-ssh (2.1.0)
    net-ssh-gateway (1.0.1)
      net-ssh (>= 1.99.1)
    nofxx-georuby (1.9.0)
      json_pure (>= 1.4.6)
    nokogiri (1.4.4)
    pg (0.9.0)
    polyglot (0.3.1)
    ppe-panoramio (0.0.3)
      typhoeus
    progressbar (0.9.0)
    rack (1.2.1)
    rack-cache (1.0)
      rack (>= 0.4)
    rack-mount (0.6.13)
      rack (>= 1.0.0)
    rack-test (0.5.7)
      rack (>= 1.0)
    rails (3.0.4)
      actionmailer (= 3.0.4)
      actionpack (= 3.0.4)
      activerecord (= 3.0.4)
      activeresource (= 3.0.4)
      activesupport (= 3.0.4)
      bundler (~> 1.0)
      railties (= 3.0.4)
    railties (3.0.4)
      actionpack (= 3.0.4)
      activesupport (= 3.0.4)
      rake (>= 0.8.7)
      thor (~> 0.14.4)
    rake (0.8.7)
    rdoc (3.5.3)
    refinerycms (0.9.9.3)
      bundler (~> 1.0.10)
      refinerycms-authentication (~> 0.9.9.3)
      refinerycms-base (~> 0.9.9.3)
      refinerycms-core (~> 0.9.9.3)
      refinerycms-dashboard (~> 0.9.9.3)
      refinerycms-images (~> 0.9.9.3)
      refinerycms-pages (~> 0.9.9.3)
      refinerycms-resources (~> 0.9.9.3)
      refinerycms-settings (~> 0.9.9.3)
    refinerycms-authentication (0.9.9.3)
      devise (~> 1.1)
      refinerycms-core (~> 0.9.9.3)
    refinerycms-base (0.9.9.3)
    refinerycms-core (0.9.9.3)
      acts_as_indexed (~> 0.7)
      friendly_id_globalize3 (~> 3.2.0)
      globalize3 (>= 0.1.0.beta)
      moretea-awesome_nested_set (= 1.4.3.1)
      rails (~> 3.0.3)
      rdoc (>= 2.5.11)
      refinerycms-base (~> 0.9.9.3)
      refinerycms-generators (~> 0.9.9.3)
      refinerycms-settings (~> 0.9.9.3)
      truncate_html (~> 0.5)
      will_paginate (~> 3.0.pre)
    refinerycms-dashboard (0.9.9.3)
      refinerycms-core (~> 0.9.9.3)
    refinerycms-generators (0.9.9.5)
    refinerycms-i18n (0.9.8.7)
      refinerycms (>= 0.9.8)
      routing-filter (~> 0.1.6)
    refinerycms-images (0.9.9.3)
      dragonfly (~> 0.8.2)
      rack-cache (>= 0.5.3)
      refinerycms-core (~> 0.9.9.3)
    refinerycms-inquiries (0.9.8.4)
      filters_spam (~> 0.1)
    refinerycms-pages (0.9.9.3)
      refinerycms-core (~> 0.9.9.3)
    refinerycms-resources (0.9.9.3)
      dragonfly (~> 0.8.2)
      rack-cache (>= 0.5.3)
      refinerycms-core (~> 0.9.9.3)
    refinerycms-settings (0.9.9.3)
      refinerycms-base (~> 0.9.9.3)
    routing-filter (0.1.7)
      actionpack
    ruby-debug (0.10.4)
      columnize (>= 0.1)
      ruby-debug-base (~> 0.10.4.0)
    ruby-debug-base (0.10.4)
      linecache (>= 0.3)
    thor (0.14.6)
    treetop (1.4.9)
      polyglot (>= 0.3.1)
    truncate_html (0.5.0)
    typhoeus (0.2.3)
      mime-types
      mime-types
    tzinfo (0.3.24)
    warden (1.0.3)
      rack (>= 1.0.0)
    will_paginate (3.0.pre2)

PLATFORMS
  ruby

DEPENDENCIES
  alchemist
  capistrano
  capistrano-ext
  csv-mapper
  dragonfly (= 0.8.2)
  json
  kaminari
  nofxx-georuby
  nokogiri
  pg (= 0.9.0)
  ppe-panoramio
  ppe-postgis-adapter!
  progressbar
  rails (= 3.0.4)
  refinerycms (= 0.9.9.3)
  refinerycms-blog (~> 1.0.rc12)!
  refinerycms-events (= 0.1)!
  refinerycms-features (= 0.2)!
  refinerycms-galleries (= 0.4)!
  refinerycms-i18n (= 0.9.8.7)
  refinerycms-inquiries (= 0.9.8.4)
  ruby-debug
